GEM
  remote: https://rubygems.org/
  specs:
    backports (3.15.0)
    multi_json (1.14.1)
    mustermann (1.1.1)
      ruby2_keywords (~> 0.0.1)
    pdf-core (0.7.0)
    prawn (2.2.2)
      pdf-core (~> 0.7.0)
      ttfunk (~> 1.5)
    rack (2.0.8)
    rack-protection (2.0.8.1)
      rack
    ruby2_keywords (0.0.1)
    sinatra (2.0.8.1)
      mustermann (~> 1.0)
      rack (~> 2.0)
      rack-protection (= 2.0.8.1)
      tilt (~> 2.0)
    sinatra-contrib (2.0.8.1)
      backports (>= 2.8.2)
      multi_json
      mustermann (~> 1.0)
      rack-protection (= 2.0.8.1)
      sinatra (= 2.0.8.1)
      tilt (~> 2.0)
    thinreports (0.10.3)
      prawn (~> 2.2.0)
    tilt (2.0.10)
    ttfunk (1.6.1)
    wareki (1.1.0)
      ya_kansuji (> 0.0.9, < 2.0.0)
    ya_kansuji (0.2.0)

PLATFORMS
  x86-mingw32

DEPENDENCIES
  sinatra (~> 2.0)
  sinatra-contrib (~> 2.0)
  thinreports (~> 0.10.3)
  wareki (~> 1.1)

BUNDLED WITH
   2.1.3
